GEM
  remote: https://rubygems.org/
  specs:
    httparty (0.13.1)
      json (~> 1.8)
      multi_xml (>= 0.5.2)
    json (1.8.1)
    multi_xml (0.5.5)
    rubyzip (1.1.3)

PLATFORMS
  x64-mingw32

DEPENDENCIES
  httparty (~> 0.13.1)
  rubyzip (~> 1.1.3)
